GEM
  remote: https://rubygems.org/
  specs:
    CFPropertyList (2.2.8)
    ast (2.0.0)
    astrolabe (1.3.0)
      parser (>= 2.2.0.pre.3, < 3.0)
    coderay (1.1.0)
    diff-lcs (1.2.5)
    facter (2.4.1)
      CFPropertyList (~> 2.2.6)
    hiera (1.3.4)
      json_pure
    json_pure (1.8.2)
    metaclass (0.0.4)
    method_source (0.8.2)
    mocha (1.1.0)
      metaclass (~> 0.0.1)
    parser (2.2.0.3)
      ast (>= 1.1, < 3.0)
    powerpack (0.1.0)
    pry (0.10.1)
      coderay (~> 1.1.0)
      method_source (~> 0.8.1)
      slop (~> 3.4)
    puppet (3.7.4)
      facter (> 1.6, < 3)
      hiera (~> 1.0)
      json_pure
    puppet-lint (1.1.0)
    puppet-syntax (1.4.1)
      rake
    puppetlabs_spec_helper (0.8.2)
      mocha
      puppet-lint
      puppet-syntax
      rake
      rspec
      rspec-puppet
    rainbow (2.0.0)
    rake (10.4.2)
    rspec (3.2.0)
      rspec-core (~> 3.2.0)
      rspec-expectations (~> 3.2.0)
      rspec-mocks (~> 3.2.0)
    rspec-core (3.2.0)
      rspec-support (~> 3.2.0)
    rspec-expectations (3.2.0)
      diff-lcs (>= 1.2.0, < 2.0)
      rspec-support (~> 3.2.0)
    rspec-mocks (3.2.0)
      diff-lcs (>= 1.2.0, < 2.0)
      rspec-support (~> 3.2.0)
    rspec-puppet (1.0.1)
      rspec
    rspec-support (3.2.1)
    rubocop (0.29.1)
      astrolabe (~> 1.3)
      parser (>= 2.2.0.1, < 3.0)
      powerpack (~> 0.1)
      rainbow (>= 1.99.1, < 3.0)
      ruby-progressbar (~> 1.4)
    ruby-progressbar (1.7.1)
    slop (3.6.0)

PLATFORMS
  ruby

DEPENDENCIES
  pry
  puppet (~> 3.7.0)
  puppetlabs_spec_helper
  rake
  rspec (~> 3.2.0)
  rubocop
